GEM
  remote: http://rubygems.org/
  specs:
    em-proxy (0.1.6)
      eventmachine
    eventmachine (0.12.10)
    http_parser.rb (0.5.3)
    macaddr (1.6.1)
      systemu (~> 2.5.0)
    systemu (2.5.1)
    uuid (2.3.5)
      macaddr (~> 1.0)

PLATFORMS
  ruby

DEPENDENCIES
  em-proxy
  http_parser.rb
  uuid
