GEM
  remote: http://rubygems.org/
  specs:
    daemons (1.1.8)
    em-proxy (0.1.6)
      eventmachine
    eventmachine (0.12.10)
    foreman (0.47.0)
      thor (>= 0.13.6)
    http_parser.rb (0.5.3)
    macaddr (1.6.1)
      systemu (~> 2.5.0)
    rack (1.4.1)
    rack-protection (1.2.0)
      rack
    sinatra (1.3.2)
      rack (~> 1.3, >= 1.3.6)
      rack-protection (~> 1.2)
      tilt (~> 1.3, >= 1.3.3)
    systemu (2.5.1)
    thin (1.3.1)
      daemons (>= 1.0.9)
      eventmachine (>= 0.12.6)
      rack (>= 1.0.0)
    thor (0.15.3)
    tilt (1.3.3)
    uuid (2.3.5)
      macaddr (~> 1.0)

PLATFORMS
  ruby

DEPENDENCIES
  em-proxy
  foreman
  http_parser.rb
  sinatra
  thin
  uuid
